GEM
  remote: https://rubygems.org/
  specs:
    dotenv (3.1.4)

PLATFORMS
  x86_64-linux

DEPENDENCIES
  dotenv

RUBY VERSION
   ruby 3.2.2p53

BUNDLED WITH
   2.4.10
